GEM
  remote: https://rubygems.org/
  specs:
    gon-sinatra (0.1.0)
      sinatra
    mini_portile (0.5.2)
    nokogiri (1.6.1)
      mini_portile (~> 0.5.0)
    rack (1.5.2)
    rack-protection (1.5.2)
      rack
    sinatra (1.4.4)
      rack (~> 1.4)
      rack-protection (~> 1.4)
      tilt (~> 1.3, >= 1.3.4)
    sinatra-cross_origin (0.3.2)
    tilt (1.4.1)

PLATFORMS
  ruby

DEPENDENCIES
  gon-sinatra
  nokogiri
  sinatra
  sinatra-cross_origin (~> 0.3.1)
