GEM
  remote: https://rubygems.org/
  specs:
    addressable (2.3.6)
    atomic (1.1.16)
    daemons (1.1.9)
    eventmachine (1.0.3)
    excon (0.32.1)
    faraday (0.9.0)
      multipart-post (>= 1.2, < 3)
    gon-sinatra (0.1.0)
      sinatra
    heroku (3.6.0)
      heroku-api (~> 0.3.17)
      launchy (>= 0.3.2)
      netrc (~> 0.7.7)
      rest-client (~> 1.6.1)
      rubyzip
    heroku-api (0.3.18)
      excon (~> 0.27)
      multi_json (~> 1.8)
    koala (1.8.0)
      addressable
      faraday
      multi_json
    launchy (2.4.2)
      addressable (~> 2.3)
    mime-types (2.2)
    mini_portile (0.5.3)
    multi_json (1.9.2)
    multipart-post (2.0.0)
    netrc (0.7.7)
    nokogiri (1.6.1)
      mini_portile (~> 0.5.0)
    rack (1.5.2)
    rack-protection (1.5.2)
      rack
    rest-client (1.6.7)
      mime-types (>= 1.16)
    rubyzip (1.1.2)
    rufus-scheduler (3.0.7)
      tzinfo
    sinatra (1.4.4)
      rack (~> 1.4)
      rack-protection (~> 1.4)
      tilt (~> 1.3, >= 1.3.4)
    thin (1.6.2)
      daemons (>= 1.0.9)
      eventmachine (>= 1.0.0)
      rack (>= 1.0.0)
    thread_safe (0.3.1)
      atomic (>= 1.1.7, < 2)
    tilt (1.4.1)
    tzinfo (1.1.0)
      thread_safe (~> 0.1)

PLATFORMS
  ruby

DEPENDENCIES
  daemons
  gon-sinatra
  heroku
  koala (~> 1.8.0rc1)
  nokogiri
  rufus-scheduler
  sinatra
  thin
